PATH
  remote: .
  specs:
    fluxbox_apps_menu (1.4.0)
      iniparse
      thor

GEM
  remote: https://rubygems.org/
  specs:
    iniparse (1.5.0)
    thor (1.3.0)

PLATFORMS
  ruby

DEPENDENCIES
  bundler (~> 2.0)
  fluxbox_apps_menu!

BUNDLED WITH
   2.4.3
