PATH
  remote: .
  specs:
    fluxbox_apps_menu (1.0.0)

GEM
  remote: https://rubygems.org/
  specs:
    inifile (2.0.2)
    rake (10.1.1)
    thor (0.17.0)

PLATFORMS
  ruby

DEPENDENCIES
  bundler (~> 1.6)
  fluxbox_apps_menu!
  inifile
  rake
  thor
