PATH
  remote: .
  specs:
    fluxbox_apps_menu (1.3.0)
      inifile (~> 3.0)
      thor

GEM
  remote: https://rubygems.org/
  specs:
    inifile (3.0.0)
    rake (12.0.0)
    thor (0.19.4)

PLATFORMS
  ruby

DEPENDENCIES
  bundler (~> 1.6)
  fluxbox_apps_menu!
  rake

BUNDLED WITH
   1.14.5
