PATH
  remote: .
  specs:
    fluxbox_apps_menu (1.4.0)
      iniparse
      thor

GEM
  remote: https://rubygems.org/
  specs:
    iniparse (1.5.0)
    rake (13.0.1)
    thor (1.0.1)

PLATFORMS
  ruby

DEPENDENCIES
  bundler (~> 2.0)
  fluxbox_apps_menu!
  rake

BUNDLED WITH
   2.1.4
