PATH
  remote: .
  specs:
    fluxbox_apps_menu (1.1.2)
      inifile (~> 3.0)
      thor

GEM
  remote: https://rubygems.org/
  specs:
    inifile (3.0.0)
    rake (10.1.1)
    thor (0.19.1)

PLATFORMS
  ruby

DEPENDENCIES
  bundler (~> 1.6)
  fluxbox_apps_menu!
  rake
